GEM
  remote: https://rubygems.org/
  specs:
    aws-sdk (2.5.6)
      aws-sdk-resources (= 2.5.6)
    aws-sdk-core (2.5.6)
      jmespath (~> 1.0)
    aws-sdk-resources (2.5.6)
      aws-sdk-core (= 2.5.6)
    diff-lcs (1.2.5)
    front_matter_parser (0.0.4)
    jmespath (1.3.1)
    mail (2.6.4)
      mime-types (>= 1.16, < 4)
    mail-iso-2022-jp (2.0.5)
      mail (>= 2.2.6, <= 2.6.4)
    mime-types (3.1)
      mime-types-data (~> 3.2015)
    mime-types-data (3.2016.0521)
    rspec (3.5.0)
      rspec-core (~> 3.5.0)
      rspec-expectations (~> 3.5.0)
      rspec-mocks (~> 3.5.0)
    rspec-core (3.5.2)
      rspec-support (~> 3.5.0)
    rspec-expectations (3.5.0)
      diff-lcs (>= 1.2.0, < 2.0)
      rspec-support (~> 3.5.0)
    rspec-mocks (3.5.0)
      diff-lcs (>= 1.2.0, < 2.0)
      rspec-support (~> 3.5.0)
    rspec-support (3.5.0)

PLATFORMS
  ruby

DEPENDENCIES
  aws-sdk (~> 2)
  front_matter_parser
  mail-iso-2022-jp
  rspec

BUNDLED WITH
   1.11.2
